GEM
  remote: http://rubygems.org/
  specs:
    git (1.2.5)
    open4 (1.3.0)

PLATFORMS
  ruby

DEPENDENCIES
  git (~> 1.2.5)
  open4 (~> 1.3.0)
